GEM
  remote: https://rubygems.org/
  specs:
    curb (0.8.8)
    mini_portile (0.6.2)
    mysql2 (0.3.18)
    nokogiri (1.6.6.2)
      mini_portile (~> 0.6.0)
    sequel (4.21.0)

PLATFORMS
  ruby

DEPENDENCIES
  curb
  mysql2
  nokogiri
  sequel
